GIT
  remote: git://github.com/octopress/codeblock.git
  revision: ae3bf5182f619e18f847d31a03efac177a7a64a3
  specs:
    octopress-codeblock (1.0.5)
      octopress-code-highlighter (~> 4.2)

GIT
  remote: git://github.com/octopress/codefence.git
  revision: a5ec93000cec1be9aaa48a78dbf590e63d0cba4d
  specs:
    octopress-codefence (1.5.1)
      octopress-code-highlighter (~> 4.2)
      octopress-hooks (~> 2.1)

GIT
  remote: git://github.com/octopress/ink.git
  revision: b92529b036c34ac11d472f949dedbca0abb974a7
  specs:
    octopress-ink (1.0.0.rc.29)
      jekyll (~> 2.0)
      octopress (~> 3.0.0.rc)
      octopress-filters (~> 1.1)
      octopress-hooks (~> 2.2)
      octopress-include-tag (~> 1.0)
      uglifier (~> 2.5)

GIT
  remote: git://github.com/octopress/linkblog.git
  revision: f43af46312f8b0a61a8d26406a5cf95f81836106
  specs:
    octopress-linkblog (2.0.0)
      octopress-hooks (~> 2.1)
      titlecase

GIT
  remote: git://github.com/octopress/quote-tag.git
  revision: 3c886be5d9fb4e782420a6e16f70aa66239ec6e0
  specs:
    octopress-quote-tag (1.0.3)
      jekyll
      rubypants

GIT
  remote: git://github.com/octopress/solarized.git
  revision: 14d37b9059010677d1b3f21ecf914e5d1be5bd63
  specs:
    octopress-solarized (1.0.3)
      octopress-ink (~> 1.0.0.rc)

GEM
  remote: https://rubygems.org/
  specs:
    addressable (2.3.6)
    blankslate (2.1.2.4)
    buftok (0.2.0)
    celluloid (0.16.0)
      timers (~> 4.0.0)
    classifier-reborn (2.0.3)
      fast-stemmer (~> 1.0)
    coffee-script (2.3.0)
      coffee-script-source
      execjs
    coffee-script-source (1.8.0)
    colorator (0.1)
    equalizer (0.0.9)
    execjs (2.2.2)
    faraday (0.9.1)
      multipart-post (>= 1.2, < 3)
    fast-stemmer (1.0.2)
    ffi (1.9.6)
    hitimes (1.2.2)
    http (0.6.3)
      http_parser.rb (~> 0.6.0)
    http_parser.rb (0.6.0)
    i18n (0.7.0)
    jekyll (2.5.3)
      classifier-reborn (~> 2.0)
      colorator (~> 0.1)
      jekyll-coffeescript (~> 1.0)
      jekyll-gist (~> 1.0)
      jekyll-paginate (~> 1.0)
      jekyll-sass-converter (~> 1.0)
      jekyll-watch (~> 1.1)
      kramdown (~> 1.3)
      liquid (~> 2.6.1)
      mercenary (~> 0.3.3)
      pygments.rb (~> 0.6.0)
      redcarpet (~> 3.1)
      safe_yaml (~> 1.0)
      toml (~> 0.1.0)
    jekyll-coffeescript (1.0.1)
      coffee-script (~> 2.2)
    jekyll-gist (1.1.0)
    jekyll-paginate (1.1.0)
    jekyll-sass-converter (1.3.0)
      sass (~> 3.2)
    jekyll-watch (1.2.0)
      listen (~> 2.7)
    json (1.8.2)
    kramdown (1.5.0)
    liquid (2.6.1)
    listen (2.8.5)
      celluloid (>= 0.15.2)
      rb-fsevent (>= 0.9.3)
      rb-inotify (>= 0.9)
    memoizable (0.4.2)
      thread_safe (~> 0.3, >= 0.3.1)
    mercenary (0.3.5)
    multipart-post (2.0.0)
    naught (1.0.0)
    octopress (3.0.0.rc.29)
      jekyll (~> 2.0)
      mercenary (~> 0.3.2)
      octopress-deploy
      octopress-escape-code (~> 2.0)
      octopress-hooks (~> 2.0)
      titlecase
    octopress-code-highlighter (4.2.3)
      colorator (~> 0.1)
    octopress-deploy (1.0.4)
      colorator
    octopress-escape-code (2.0.6)
      octopress-hooks (~> 2.0)
    octopress-filters (1.2.0)
      jekyll
      octopress-hooks (~> 2.0)
      rubypants-unicode
      titlecase
    octopress-hooks (2.3.2)
      jekyll (~> 2.0)
    octopress-include-tag (1.0.3)
      jekyll (~> 2.0)
      octopress-tag-helpers (~> 1.0)
    octopress-tag-helpers (1.0.2)
      jekyll (~> 2.0)
    parslet (1.5.0)
      blankslate (~> 2.0)
    posix-spawn (0.3.9)
    pygments.rb (0.6.0)
      posix-spawn (~> 0.3.6)
      yajl-ruby (~> 1.1.0)
    rb-fsevent (0.9.4)
    rb-inotify (0.9.5)
      ffi (>= 0.5.0)
    redcarpet (3.2.2)
    rubypants (0.2.0)
    rubypants-unicode (0.2.5)
    safe_yaml (1.0.4)
    sass (3.4.10)
    simple_oauth (0.3.1)
    thread_safe (0.3.4)
    timers (4.0.1)
      hitimes
    titlecase (0.1.1)
    toml (0.1.2)
      parslet (~> 1.5.0)
    twitter (5.13.0)
      addressable (~> 2.3)
      buftok (~> 0.2.0)
      equalizer (~> 0.0.9)
      faraday (~> 0.9.0)
      http (~> 0.6.0)
      http_parser.rb (~> 0.6.0)
      json (~> 1.8)
      memoizable (~> 0.4.0)
      naught (~> 1.0)
      simple_oauth (~> 0.3.0)
    uglifier (2.7.0)
      execjs (>= 0.3.0)
      json (>= 1.8.0)
    yajl-ruby (1.1.0)

PLATFORMS
  ruby

DEPENDENCIES
  i18n
  octopress-codeblock!
  octopress-codefence!
  octopress-ink!
  octopress-linkblog!
  octopress-quote-tag!
  octopress-solarized!
  twitter
