GIT
  remote: git://github.com/octopress/codeblock.git
  revision: 9d9b53de8ef102379f5dd209729c02ed73c38f54
  specs:
    octopress-codeblock (1.0.4)
      octopress-code-highlighter (~> 4.2)

GIT
  remote: git://github.com/octopress/codefence.git
  revision: 9b969008345b41e66c7597793c325f9660794848
  specs:
    octopress-codefence (1.4.4)
      octopress-code-highlighter (~> 4.2)
      octopress-hooks (~> 2.1)

GIT
  remote: git://github.com/octopress/ink.git
  revision: bef12041c8a79b49278daa3bc55197299493b042
  specs:
    octopress-ink (1.0.0.rc.18)
      jekyll (~> 2.0)
      octopress (~> 3.0.0.rc)
      octopress-docs
      octopress-filters (~> 1.1)
      octopress-hooks (~> 2.2)
      octopress-include-tag (~> 1.0)
      uglifier (~> 2.5)

GIT
  remote: git://github.com/octopress/linkblog.git
  revision: c62f208382c6d14370a2a0544238659ee8e1a2ab
  specs:
    octopress-linkblog (1.2.0)
      octopress-hooks (~> 2.1)
      titlecase

GIT
  remote: git://github.com/octopress/quote-tag.git
  revision: f00d9b573855424401597c3fa7af501d002a0db3
  specs:
    octopress-quote-tag (1.0.0)
      jekyll

GIT
  remote: git://github.com/octopress/solarized.git
  revision: 7c1bea831814de4f8d5df5e644cab614fea23185
  specs:
    octopress-solarized (1.0.2)
      octopress-ink (~> 1.0.0.rc)

GEM
  remote: https://rubygems.org/
  specs:
    addressable (2.3.6)
    blankslate (2.1.2.4)
    buftok (0.2.0)
    celluloid (0.16.0)
      timers (~> 4.0.0)
    classifier-reborn (2.0.2)
      fast-stemmer (~> 1.0)
    coffee-script (2.3.0)
      coffee-script-source
      execjs
    coffee-script-source (1.8.0)
    colorator (0.1)
    equalizer (0.0.9)
    execjs (2.2.2)
    faraday (0.9.0)
      multipart-post (>= 1.2, < 3)
    fast-stemmer (1.0.2)
    ffi (1.9.6)
    hitimes (1.2.2)
    http (0.6.2)
      http_parser.rb (~> 0.6.0)
    http_parser.rb (0.6.0)
    i18n (0.6.11)
    jekyll (2.5.1)
      classifier-reborn (~> 2.0)
      colorator (~> 0.1)
      jekyll-coffeescript (~> 1.0)
      jekyll-gist (~> 1.0)
      jekyll-paginate (~> 1.0)
      jekyll-sass-converter (~> 1.0)
      jekyll-watch (~> 1.1)
      kramdown (~> 1.3)
      liquid (~> 2.6.1)
      mercenary (~> 0.3.3)
      pygments.rb (~> 0.6.0)
      redcarpet (~> 3.1)
      safe_yaml (~> 1.0)
      toml (~> 0.1.0)
    jekyll-coffeescript (1.0.1)
      coffee-script (~> 2.2)
    jekyll-gist (1.1.0)
    jekyll-paginate (1.1.0)
    jekyll-sass-converter (1.2.1)
      sass (~> 3.2)
    jekyll-watch (1.1.2)
      listen (~> 2.7)
    json (1.8.1)
    kramdown (1.5.0)
    liquid (2.6.1)
    listen (2.7.11)
      celluloid (>= 0.15.2)
      rb-fsevent (>= 0.9.3)
      rb-inotify (>= 0.9)
    memoizable (0.4.2)
      thread_safe (~> 0.3, >= 0.3.1)
    mercenary (0.3.4)
    multipart-post (2.0.0)
    naught (1.0.0)
    octopress (3.0.0.rc.15)
      jekyll (~> 2.0)
      mercenary (~> 0.3.2)
      octopress-deploy
      octopress-docs
      titlecase
    octopress-code-highlighter (4.2.3)
      colorator (~> 0.1)
    octopress-deploy (1.0.0)
      colorator
      octopress-docs
    octopress-docs (0.0.9)
      jekyll (~> 2.0)
      octopress-escape-code (~> 1.0)
      octopress-hooks (~> 2.0)
    octopress-escape-code (1.0.2)
      octopress-hooks (~> 2.0)
    octopress-filters (1.2.0)
      jekyll
      octopress-hooks (~> 2.0)
      rubypants-unicode
      titlecase
    octopress-hooks (2.2.1)
      jekyll (~> 2.0)
    octopress-include-tag (1.0.0)
      jekyll (~> 2.0)
      octopress-tag-helpers (~> 1.0)
    octopress-tag-helpers (1.0.2)
      jekyll (~> 2.0)
    parslet (1.5.0)
      blankslate (~> 2.0)
    posix-spawn (0.3.9)
    pygments.rb (0.6.0)
      posix-spawn (~> 0.3.6)
      yajl-ruby (~> 1.1.0)
    rb-fsevent (0.9.4)
    rb-inotify (0.9.5)
      ffi (>= 0.5.0)
    redcarpet (3.2.0)
    rubypants-unicode (0.2.5)
    safe_yaml (1.0.4)
    sass (3.4.7)
    simple_oauth (0.3.0)
    thread_safe (0.3.4)
    timers (4.0.1)
      hitimes
    titlecase (0.1.1)
    toml (0.1.2)
      parslet (~> 1.5.0)
    twitter (5.13.0)
      addressable (~> 2.3)
      buftok (~> 0.2.0)
      equalizer (~> 0.0.9)
      faraday (~> 0.9.0)
      http (~> 0.6.0)
      http_parser.rb (~> 0.6.0)
      json (~> 1.8)
      memoizable (~> 0.4.0)
      naught (~> 1.0)
      simple_oauth (~> 0.3.0)
    uglifier (2.5.3)
      execjs (>= 0.3.0)
      json (>= 1.8.0)
    yajl-ruby (1.1.0)

PLATFORMS
  ruby

DEPENDENCIES
  i18n
  octopress-codeblock!
  octopress-codefence!
  octopress-ink!
  octopress-linkblog!
  octopress-quote-tag!
  octopress-solarized!
  twitter
